GEM
  remote: https://rubygems.org/
  specs:
    bigdecimal (3.2.2)
    citrus (3.0.2)
    concurrent-ruby (1.3.5)
    diff-lcs (1.6.2)
    gitlab-secret_detection (0.33.2)
      grpc (>= 1.63.0, < 2)
      grpc_reflection (~> 0.1)
      parallel (~> 1)
      re2 (~> 2.7)
      sentry-ruby (~> 5.22)
      stackprof (~> 0.2.27)
      toml-rb (~> 2.2)
    google-protobuf (4.32.0-arm64-darwin)
      bigdecimal
      rake (>= 13)
    googleapis-common-protos-types (1.20.0)
      google-protobuf (>= 3.18, < 5.a)
    grpc (1.74.1-arm64-darwin)
      google-protobuf (>= 3.25, < 5.0)
      googleapis-common-protos-types (~> 1.0)
    grpc_reflection (0.2.0)
      grpc
    parallel (1.27.0)
    rake (13.3.0)
    re2 (2.19.0-arm64-darwin)
    rspec (3.13.1)
      rspec-core (~> 3.13.0)
      rspec-expectations (~> 3.13.0)
      rspec-mocks (~> 3.13.0)
    rspec-core (3.13.5)
      rspec-support (~> 3.13.0)
    rspec-expectations (3.13.5)
      diff-lcs (>= 1.2.0, < 2.0)
      rspec-support (~> 3.13.0)
    rspec-mocks (3.13.5)
      diff-lcs (>= 1.2.0, < 2.0)
      rspec-support (~> 3.13.0)
    rspec-support (3.13.4)
    sentry-ruby (5.26.0)
      bigdecimal
      concurrent-ruby (~> 1.0, >= 1.0.2)
    stackprof (0.2.27)
    toml-rb (2.2.0)
      citrus (~> 3.0, > 3.0)

PLATFORMS
  arm64-darwin-24

DEPENDENCIES
  gitlab-secret_detection (~> 0.1)
  rspec (~> 3.12)

BUNDLED WITH
   2.6.7
